GEM
  remote: https://rubygems.org/
  specs:
    kramdown (2.3.1)
      rexml
    pastel (0.8.0)
      tty-color (~> 0.5)
    rainbow (3.0.0)
    rexml (3.2.5)
    rouge (3.26.1)
    strings (0.2.1)
      strings-ansi (~> 0.2)
      unicode-display_width (>= 1.5, < 3.0)
      unicode_utils (~> 1.4)
    strings-ansi (0.2.0)
    tty-color (0.6.0)
    tty-cursor (0.7.1)
    tty-markdown (0.7.0)
      kramdown (>= 1.16.2, < 3.0)
      pastel (~> 0.8)
      rouge (~> 3.14)
      strings (~> 0.2.0)
      tty-color (~> 0.5)
      tty-screen (~> 0.8)
    tty-prompt (0.23.1)
      pastel (~> 0.8)
      tty-reader (~> 0.8)
    tty-reader (0.9.0)
      tty-cursor (~> 0.7)
      tty-screen (~> 0.8)
      wisper (~> 2.0)
    tty-screen (0.8.1)
    unicode-display_width (2.1.0)
    unicode_utils (1.4.0)
    wisper (2.0.1)

PLATFORMS
  x86_64-darwin-20

DEPENDENCIES
  rainbow (~> 3.0)
  tty-markdown (~> 0.7.0)
  tty-prompt (~> 0.23.1)

BUNDLED WITH
   2.2.27
